GEM
  remote: https://rubygems.org/
  specs:
    columnize (0.8.9)
    debugger (1.6.4)
      columnize (>= 0.3.1)
      debugger-linecache (~> 1.2.0)
      debugger-ruby_core_source (~> 1.3.0)
    debugger-linecache (1.2.0)
    debugger-ruby_core_source (1.3.0)
    rake (10.4.2)
    rake-compiler (0.9.2)
      rake
    rugged (0.23.2)

PLATFORMS
  ruby

DEPENDENCIES
  debugger
  rake-compiler
  rugged
