PATH
  remote: .
  specs:
    covet (0.1.0)
      rugged

GEM
  remote: https://rubygems.org/
  specs:
    diff-lcs (1.2.5)
    minitest (5.7.0)
    rake (10.4.2)
    rake-compiler (0.9.2)
      rake
    rspec (2.14.1)
      rspec-core (~> 2.14.0)
      rspec-expectations (~> 2.14.0)
      rspec-mocks (~> 2.14.0)
    rspec-core (2.14.7)
    rspec-expectations (2.14.5)
      diff-lcs (>= 1.1.3, < 2.0)
    rspec-mocks (2.14.6)
    rugged (0.23.3)

PLATFORMS
  ruby

DEPENDENCIES
  covet!
  minitest
  rake-compiler
  rspec

BUNDLED WITH
   1.10.6
