GEM
  remote: https://rubygems.org/
  specs:
    byebug (6.0.2)
    diff-lcs (1.2.5)
    minitest (5.7.0)
    rake (10.4.2)
    rake-compiler (0.9.2)
      rake
    rspec (2.14.1)
      rspec-core (~> 2.14.0)
      rspec-expectations (~> 2.14.0)
      rspec-mocks (~> 2.14.0)
    rspec-core (2.14.7)
    rspec-expectations (2.14.5)
      diff-lcs (>= 1.1.3, < 2.0)
    rspec-mocks (2.14.6)
    rugged (0.23.2)

PLATFORMS
  ruby

DEPENDENCIES
  byebug
  minitest
  rake-compiler
  rspec
  rugged
